GEM
  remote: https://rubygems.org/
  specs:
    glfw3 (0.4.8)
    opengl (0.9.1)
    yard (0.8.7.6)

PLATFORMS
  ruby

DEPENDENCIES
  glfw3
  opengl
  yard
