GEM
  remote: https://rubygems.org/
  specs:
    glfw3 (0.4.8)
    opengl (0.9.2)
    rmagick (2.14.0)
    yard (0.8.7.6)

PLATFORMS
  ruby

DEPENDENCIES
  glfw3
  opengl
  rmagick
  yard
