GEM
  remote: https://rubygems.org/
  specs:
    glfw3 (0.4.8)
    opengl (0.10.0)
    rmagick (4.2.4)
    rubyzip (1.3.0)
    webrick (1.8.2)
    yard (0.9.37)

PLATFORMS
  x86_64-linux

DEPENDENCIES
  glfw3
  opengl
  rmagick
  rubyzip (~> 1.1)
  yard

BUNDLED WITH
   2.2.32
